GEM
  remote: http://rubygems.org/
  specs:
    addressable (2.3.2)
    chunky_png (1.2.6)
    compass (0.12.2)
      chunky_png (~> 1.2)
      fssm (>= 0.2.7)
      sass (~> 3.1)
    daemons (1.1.9)
    eventmachine (1.0.0)
    excon (0.16.4)
    foreman (0.60.2)
      thor (>= 0.13.6)
    fssm (0.2.9)
    haml (3.1.7)
    heroku (2.32.11)
      heroku-api (~> 0.3.5)
      launchy (>= 0.3.2)
      netrc (~> 0.7.7)
      rest-client (~> 1.6.1)
      rubyzip
    heroku-api (0.3.5)
      excon (~> 0.16.1)
    launchy (2.1.2)
      addressable (~> 2.3)
    maruku (0.6.1)
      syntax (>= 1.0.0)
    mime-types (1.19)
    netrc (0.7.7)
    rack (1.4.1)
    rack-protection (1.2.0)
      rack
    rest-client (1.6.7)
      mime-types (>= 1.16)
    rubyzip (0.9.9)
    sass (3.2.1)
    sinatra (1.3.3)
      rack (~> 1.3, >= 1.3.6)
      rack-protection (~> 1.2)
      tilt (~> 1.3, >= 1.3.3)
    syntax (1.0.0)
    thin (1.5.0)
      daemons (>= 1.0.9)
      eventmachine (>= 0.12.6)
      rack (>= 1.0.0)
    thor (0.16.0)
    tilt (1.3.3)

PLATFORMS
  ruby

DEPENDENCIES
  compass
  foreman
  haml
  heroku
  maruku
  sass
  sinatra
  thin
